PATH
  remote: .
  specs:
    omniauth_cobot (0.0.3)
      omniauth-oauth2

GEM
  remote: http://rubygems.org/
  specs:
    faraday (0.12.2)
      multipart-post (>= 1.2, < 3)
    hashie (3.5.6)
    jwt (1.5.6)
    multi_json (1.12.2)
    multi_xml (0.6.0)
    multipart-post (2.0.0)
    oauth2 (1.4.0)
      faraday (>= 0.8, < 0.13)
      jwt (~> 1.0)
      multi_json (~> 1.3)
      multi_xml (~> 0.5)
      rack (>= 1.2, < 3)
    omniauth (1.7.1)
      hashie (>= 3.4.6, < 3.6.0)
      rack (>= 1.6.2, < 3)
    omniauth-oauth2 (1.5.0)
      oauth2 (~> 1.1)
      omniauth (~> 1.2)
    rack (2.0.3)
    rake (12.3.0)

PLATFORMS
  ruby

DEPENDENCIES
  omniauth_cobot!
  rake

BUNDLED WITH
   1.15.4
